GEM
  remote: https://rubygems.org/
  specs:
    addressable (2.3.8)
    ap (0.1.1)
      httparty (>= 0.7.7)
    awesome_print (1.6.1)
    boxr (0.25.0)
      addressable (~> 2.3)
      hashie (~> 3.3)
      httpclient (~> 2.5)
      jwt (~> 1.4)
      oj (~> 2.11)
    builder (3.2.2)
    dotenv (2.0.1)
    hashie (3.4.1)
    httparty (0.13.3)
      json (~> 1.8)
      multi_xml (>= 0.5.2)
    httpclient (2.6.0.1)
    json (1.8.2)
    jwt (1.4.1)
    multi_json (1.11.0)
    multi_xml (0.5.5)
    oj (2.12.5)
    rack (1.6.0)
    rack-protection (1.5.3)
      rack
    sinatra (1.4.6)
      rack (~> 1.4)
      rack-protection (~> 1.4)
      tilt (>= 1.3, < 3)
    tilt (2.0.1)
    twilio-ruby (4.1.0)
      builder (>= 2.1.2)
      jwt (~> 1.0)
      multi_json (>= 1.3.0)

PLATFORMS
  ruby

DEPENDENCIES
  ap
  awesome_print
  boxr
  dotenv
  sinatra
  twilio-ruby
